GIT
  remote: https://github.com/percy/percy-capybara.git
  revision: ac3192852fbbede592f06fcd957b5e07c9354056
  branch: map/update-to-token-only-build-endpoint
  specs:
    percy-capybara (3.1.2)
      addressable (~> 2)
      percy-client (~> 1.13)

GIT
  remote: https://github.com/percy/percy-client.git
  revision: 6e14b7bbdb7b6c2081297823b3afeb48b642812e
  branch: map/update-to-token-only-build-endpoint
  specs:
    percy-client (1.15.0)
      addressable
      excon
      faraday (>= 0.9)

GEM
  remote: https://rubygems.org/
  specs:
    addressable (2.5.0)
      public_suffix (~> 2.0, >= 2.0.2)
    capybara (2.12.0)
      addressable
      mime-types (>= 1.16)
      nokogiri (>= 1.3.3)
      rack (>= 1.0.0)
      rack-test (>= 0.5.4)
      xpath (~> 2.0)
    excon (0.62.0)
    faraday (0.15.2)
      multipart-post (>= 1.2, < 3)
    mime-types (3.1)
      mime-types-data (~> 3.2015)
    mime-types-data (3.2016.0521)
    mini_portile2 (2.1.0)
    multipart-post (2.0.0)
    nokogiri (1.7.0.1)
      mini_portile2 (~> 2.1.0)
    public_suffix (2.0.5)
    rack (2.0.1)
    rack-test (0.6.3)
      rack (>= 1.0)
    xpath (2.0.0)
      nokogiri (~> 1.3)

PLATFORMS
  ruby

DEPENDENCIES
  capybara
  percy-capybara!
  percy-client!
  rack

BUNDLED WITH
   1.16.2
