GEM
  remote: https://rubygems.org/
  specs:
    addressable (2.6.0)
      public_suffix (>= 2.0.2, < 4.0)
    capybara (3.16.1)
      addressable
      mini_mime (>= 0.1.3)
      nokogiri (~> 1.8)
      rack (>= 1.6.0)
      rack-test (>= 0.6.3)
      regexp_parser (~> 1.2)
      xpath (~> 3.2)
    excon (0.62.0)
    faraday (0.15.3)
      multipart-post (>= 1.2, < 3)
    mini_mime (1.0.1)
    mini_portile2 (2.4.0)
    multipart-post (2.0.0)
    nokogiri (1.10.2)
      mini_portile2 (~> 2.4.0)
    percy-capybara (3.2.0)
      addressable (~> 2)
      percy-client (~> 2.0)
    percy-client (2.0.0)
      addressable
      excon
      faraday (>= 0.9)
    public_suffix (3.0.3)
    rack (2.0.5)
    rack-test (1.1.0)
      rack (>= 1.0, < 3)
    regexp_parser (1.3.0)
    xpath (3.2.0)
      nokogiri (~> 1.8)

PLATFORMS
  ruby

DEPENDENCIES
  capybara
  percy-capybara
  rack

BUNDLED WITH
   1.16.2
